GEM
  remote: https://rubygems.org/
  specs:
    ast (2.4.2)
    cgi (0.4.0)
    charlock_holmes (0.7.7)
    erubi (1.12.0)
    github-linguist (7.27.0)
      cgi
      charlock_holmes (~> 0.7.7)
      mini_mime (~> 1.0)
      rugged (~> 1.0)
    json (2.6.3)
    language_server-protocol (3.17.0.3)
    mini_mime (1.1.5)
    netrc (0.11.0)
    parallel (1.23.0)
    parser (3.2.2.4)
      ast (~> 2.4.1)
      racc
    prettier_print (1.2.1)
    prism (0.17.1)
    racc (1.7.3)
    rainbow (3.1.1)
    rbi (0.1.4)
      prism (>= 0.17.1, < 0.18)
      sorbet-runtime (>= 0.5.9204)
    regexp_parser (2.8.2)
    rexml (3.2.6)
    rubocop (1.57.2)
      json (~> 2.3)
      language_server-protocol (>= 3.17.0)
      parallel (~> 1.10)
      parser (>= 3.2.2.4)
      rainbow (>= 2.2.2, < 4.0)
      regexp_parser (>= 1.8, < 3.0)
      rexml (>= 3.2.5, < 4.0)
      rubocop-ast (>= 1.28.1, < 2.0)
      ruby-progressbar (~> 1.7)
      unicode-display_width (>= 2.4.0, < 3.0)
    rubocop-ast (1.30.0)
      parser (>= 3.2.1.0)
    rubocop-performance (1.19.1)
      rubocop (>= 1.7.0, < 2.0)
      rubocop-ast (>= 0.4.0)
    ruby-progressbar (1.13.0)
    rugged (1.7.1)
    sorbet (0.5.11120)
      sorbet-static (= 0.5.11120)
    sorbet-runtime (0.5.11120)
    sorbet-static (0.5.11120-x86_64-linux)
    sorbet-static-and-runtime (0.5.11120)
      sorbet (= 0.5.11120)
      sorbet-runtime (= 0.5.11120)
    spoom (1.2.4)
      erubi (>= 1.10.0)
      sorbet-static-and-runtime (>= 0.5.10187)
      syntax_tree (>= 6.1.1)
      thor (>= 0.19.2)
    syntax_tree (6.2.0)
      prettier_print (>= 1.2.0)
    tapioca (0.11.12)
      bundler (>= 2.2.25)
      netrc (>= 0.11.0)
      parallel (>= 1.21.0)
      rbi (>= 0.1.4, < 0.2)
      sorbet-static-and-runtime (>= 0.5.10187)
      spoom (~> 1.2.0, >= 1.2.0)
      thor (>= 1.2.0)
      yard-sorbet
    thor (1.3.0)
    unicode-display_width (2.5.0)
    yard (0.9.34)
    yard-sorbet (0.8.1)
      sorbet-runtime (>= 0.5)
      yard (>= 0.9)

PLATFORMS
  x86_64-linux

DEPENDENCIES
  github-linguist (~> 7.27)
  rubocop (~> 1.57, >= 1.57.2)
  rubocop-performance (~> 1.19, >= 1.19.1)
  sorbet-static-and-runtime (~> 0.5.11120)
  tapioca (~> 0.11.12)
  thor (~> 1.3)

BUNDLED WITH
   2.5.0.dev
